PATH
  remote: .
  specs:
    json_partials (0.1.0)

GEM
  remote: https://rubygems.org/
  specs:
    debase (0.2.2)
      debase-ruby_core_source (>= 0.10.2)
    debase-ruby_core_source (0.10.4)
    minitest (5.11.3)
    rake (10.5.0)
    ruby-debug-ide (0.6.1)
      rake (>= 0.8.1)
    yard (0.9.16)

PLATFORMS
  ruby

DEPENDENCIES
  bundler (~> 1.17)
  debase (~> 0.2)
  json_partials!
  minitest (~> 5.11)
  rake (~> 10.0)
  ruby-debug-ide (~> 0.6)
  yard (~> 0.9)

BUNDLED WITH
   1.17.0
